GEM
  remote: http://rubygems.org/
  specs:
    nokogiri (1.5.0)
    trollop (1.16.2)

PLATFORMS
  ruby

DEPENDENCIES
  nokogiri
  trollop
